GEM
  remote: https://rubygems.org/
  specs:
    haml (4.0.4)
      tilt
    rack (1.5.2)
    rack-protection (1.3.2)
      rack
    sinatra (1.3.5)
      rack (~> 1.4)
      rack-protection (~> 1.3)
      tilt (~> 1.3, >= 1.3.3)
    tilt (1.3.3)
    weighted_randomizer (0.1.2)

PLATFORMS
  ruby

DEPENDENCIES
  haml
  sinatra
  weighted_randomizer
